PATH
  remote: .
  specs:
    os (1.0.1)

GEM
  remote: http://rubygems.org/
  specs:
    diff-lcs (1.1.3)
    power_assert (1.0.2)
    rake (0.9.6)
    test-unit (3.2.3)
      power_assert

PLATFORMS
  ruby
  x86-mingw32

DEPENDENCIES
  rake (~> 0.8)
  rspec (~> 2.5.0)
  test-unit (~> 3)

BUNDLED WITH
   2.1.4
